GEM
  remote: http://rubygems.org/
  specs:
    git (1.2.5)
    jeweler (1.6.4)
      bundler (~> 1.0)
      git (>= 1.2.5)
      rake
    rake (0.9.2.2)
    rcov (0.9.11)
    rmagick (2.13.1)
    shoulda (2.11.3)

PLATFORMS
  ruby

DEPENDENCIES
  bundler
  jeweler (~> 1.6.4)
  rcov
  rmagick
  shoulda
